GIT
  remote: https://github.com/protonet/protolink
  revision: 1de3f1cee440039608daf97672566797429ad7f4
  specs:
    protolink (0.2.8)
      crack
      httparty (~> 0.7.4)

GEM
  remote: http://rubygems.org/
  specs:
    active_support (3.0.0)
      activesupport (= 3.0.0)
    activesupport (3.0.0)
    classifier (1.3.1)
      stemmer (>= 1.0.0)
    crack (0.1.8)
    eventmachine (0.12.10)
    hpricot (0.8.4)
    httparty (0.7.8)
      crack (= 0.1.8)
    json (1.5.3)
    nokogiri (1.5.0)
    sanitize (2.0.3)
      nokogiri (< 1.6, >= 1.4.4)
    stemmer (1.0.1)
    twss (0.0.5)
      classifier (= 1.3.1)

PLATFORMS
  ruby

DEPENDENCIES
  active_support
  eventmachine
  hpricot
  json
  protolink!
  sanitize
  twss
