GIT
  remote: https://github.com/protonet/protolink
  revision: c621556b3e668080a8fc2fef2f10c651df215364
  specs:
    protolink (0.2.11)
      eventmachine
      httparty (~> 0.7.4)

GEM
  remote: http://rubygems.org/
  specs:
    active_support (3.0.0)
      activesupport (= 3.0.0)
    activesupport (3.0.0)
    classifier (1.3.1)
      stemmer (>= 1.0.0)
    crack (0.1.8)
    eventmachine (0.12.10)
    hpricot (0.8.6)
    httparty (0.7.8)
      crack (= 0.1.8)
    json (1.7.3)
    nokogiri (1.5.3)
    sanitize (2.0.3)
      nokogiri (>= 1.4.4, < 1.6)
    stemmer (1.0.1)
    twss (0.0.5)
      classifier (= 1.3.1)

PLATFORMS
  ruby

DEPENDENCIES
  active_support
  eventmachine
  hpricot
  json
  protolink!
  sanitize
  twss
